GEM
  remote: https://rubygems.org/
  specs:
    backports (3.3.3)
    eventmachine (1.0.3)
    rack (1.5.2)
    rack-protection (1.5.0)
      rack
    rack-test (0.6.2)
      rack (>= 1.0)
    sequel (4.0.0)
    sinatra (1.4.3)
      rack (~> 1.4)
      rack-protection (~> 1.4)
      tilt (~> 1.3, >= 1.3.4)
    sinatra-contrib (1.4.0)
      backports (>= 2.0)
      eventmachine
      rack-protection
      rack-test
      sinatra (~> 1.4.2)
      tilt (~> 1.3)
    sinatra-flash (0.3.0)
      sinatra (>= 1.0.0)
    slim (2.0.0)
      temple (~> 0.6.5)
      tilt (~> 1.3, >= 1.3.3)
    sqlite3 (1.3.7)
    temple (0.6.5)
    tilt (1.4.1)

PLATFORMS
  ruby

DEPENDENCIES
  sequel
  sinatra
  sinatra-contrib
  sinatra-flash
  slim
  sqlite3
